GEM
  remote: https://rubygems.org/
  specs:
    activemodel (6.0.3.2)
      activesupport (= 6.0.3.2)
    activerecord (6.0.3.2)
      activemodel (= 6.0.3.2)
      activesupport (= 6.0.3.2)
    activesupport (6.0.3.2)
      concurrent-ruby (~> 1.0, >= 1.0.2)
      i18n (>= 0.7, < 2)
      minitest (~> 5.1)
      tzinfo (~> 1.1)
      zeitwerk (~> 2.2, >= 2.2.2)
    bcrypt (3.1.10)
    builder (3.2.4)
    coderay (1.1.0)
    concurrent-ruby (1.1.6)
    i18n (1.8.5)
      concurrent-ruby (~> 1.0)
    json (2.3.0)
    jwt (1.3.0)
    method_source (0.8.2)
    minitest (5.14.1)
    multi_json (1.10.1)
    pg (0.18.1)
    pry (0.10.1)
      coderay (~> 1.1.0)
      method_source (~> 0.8.1)
      slop (~> 3.4)
    rack (1.6.0)
    rack-protection (1.5.3)
      rack
    sinatra (1.4.5)
      rack (~> 1.4)
      rack-protection (~> 1.4)
      tilt (~> 1.3, >= 1.3.4)
    sinatra-activerecord (2.0.5)
      activerecord (>= 3.2)
      sinatra (~> 1.0)
    slop (3.6.0)
    sqlite3 (1.3.10)
    thread_safe (0.3.6)
    tilt (1.4.1)
    twilio-ruby (3.15.1)
      builder (>= 2.1.2)
      jwt (~> 1.0)
      multi_json (>= 1.3.0)
    tzinfo (1.2.7)
      thread_safe (~> 0.1)
    zeitwerk (2.4.0)

PLATFORMS
  ruby

DEPENDENCIES
  bcrypt
  json
  pg
  pry
  sinatra
  sinatra-activerecord
  sqlite3
  twilio-ruby
